GEM
  remote: https://rubygems.org/
  specs:
    activesupport (4.0.0)
      i18n (~> 0.6, >= 0.6.4)
      minitest (~> 4.2)
      multi_json (~> 1.3)
      thread_safe (~> 0.1)
      tzinfo (~> 0.3.37)
    alfred-workflow (1.8.0)
      plist (>= 3.1.0)
    atomic (1.1.12)
    httparty (0.11.0)
      multi_json (~> 1.0)
      multi_xml (>= 0.5.2)
    i18n (0.6.4)
    lastfm (1.20.1)
      activesupport (>= 3.0.3)
      httparty
      xml-simple
    minitest (4.7.5)
    multi_json (1.7.8)
    multi_xml (0.5.5)
    plist (3.1.0)
    rb-appscript (0.6.1)
    thread_safe (0.1.2)
      atomic
    tzinfo (0.3.37)
    xml-simple (1.1.2)

PLATFORMS
  ruby

DEPENDENCIES
  alfred-workflow
  lastfm
  plist
  rb-appscript
