GEM
  remote: https://rubygems.org/
  specs:
    activesupport (4.0.2)
      i18n (~> 0.6, >= 0.6.4)
      minitest (~> 4.2)
      multi_json (~> 1.3)
      thread_safe (~> 0.1)
      tzinfo (~> 0.3.37)
    alfred-workflow (2.0.5)
      fuzzy_match (>= 2.0.4)
      gyoku (>= 1.1.0)
      moneta (>= 0.7.19)
      nori (>= 2.3.0)
      plist (>= 3.1.0)
      terminal-notifier (>= 1.5.0)
    atomic (1.1.14)
    builder (3.2.2)
    fuzzy_match (2.0.4)
    gyoku (1.1.0)
      builder (>= 2.1.2)
    httparty (0.12.0)
      json (~> 1.8)
      multi_xml (>= 0.5.2)
    i18n (0.6.9)
    json (1.8.1)
    lastfm (1.21.0)
      activesupport (>= 3.2.0)
      httparty
      xml-simple
    minitest (4.7.5)
    moneta (0.7.20)
    multi_json (1.8.2)
    multi_xml (0.5.5)
    nori (2.3.0)
    plist (3.1.0)
    r18n-core (1.1.7)
    r18n-desktop (1.1.7)
      r18n-core (= 1.1.7)
    terminal-notifier (1.5.1)
    thread_safe (0.1.3)
      atomic
    tzinfo (0.3.38)
    xml-simple (1.1.2)

PLATFORMS
  ruby

DEPENDENCIES
  alfred-workflow
  lastfm
  r18n-desktop
